GIT
  remote: https://github.com/nzoschke/rack-streaming-proxy.git
  revision: 4a2ee4c6e4e7db11a18bbd15c0a4ea30076202c0
  specs:
    rack-streaming-proxy (1.0.3)
      rack (>= 1.0)
      servolux (~> 0.8.1)

GEM
  remote: http://rubygems.org/
  specs:
    kgio (2.7.2)
    rack (1.4.1)
    raindrops (0.8.0)
    servolux (0.8.1)
    unicorn (4.2.0)
      kgio (~> 2.6)
      rack
      raindrops (~> 0.7)

PLATFORMS
  ruby

DEPENDENCIES
  rack-streaming-proxy!
  unicorn
