GEM
  remote: http://rubygems.org/
  specs:
    kgio (2.7.2)
    rack (1.4.1)
    raindrops (0.8.0)
    unicorn (4.2.0)
      kgio (~> 2.6)
      rack
      raindrops (~> 0.7)

PLATFORMS
  ruby

DEPENDENCIES
  unicorn
